GEM
  remote: http://rubygems.org/
  specs:
    POpen4 (0.1.4)
      Platform (>= 0.4.0)
      open4
    Platform (0.4.0)
    actionmailer (3.1.3)
      actionpack (= 3.1.3)
      mail (~> 2.3.0)
    actionpack (3.1.3)
      activemodel (= 3.1.3)
      activesupport (= 3.1.3)
      builder (~> 3.0.0)
      erubis (~> 2.7.0)
      i18n (~> 0.6)
      rack (~> 1.3.5)
      rack-cache (~> 1.1)
      rack-mount (~> 0.8.2)
      rack-test (~> 0.6.1)
      sprockets (~> 2.0.3)
    active_utils (1.0.3)
      activesupport (>= 2.3.11)
      i18n
    activemerchant (1.20.3)
      active_utils (>= 1.0.2)
      activesupport (>= 2.3.11)
      braintree (>= 2.0.0)
      builder (>= 2.0.0)
      i18n
      money (<= 3.7.1)
    activemodel (3.1.3)
      activesupport (= 3.1.3)
      builder (~> 3.0.0)
      i18n (~> 0.6)
    activerecord (3.1.3)
      activemodel (= 3.1.3)
      activesupport (= 3.1.3)
      arel (~> 2.2.1)
      tzinfo (~> 0.3.29)
    activeresource (3.1.3)
      activemodel (= 3.1.3)
      activesupport (= 3.1.3)
    activesupport (3.1.3)
      multi_json (~> 1.0)
    addressable (2.2.7)
    archive-tar-minitar (0.5.2)
    arel (2.2.1)
    authorize-net (1.5.2)
      nokogiri (~> 1.4)
    awesome_print (1.0.2)
    aws-s3 (0.6.2)
      builder
      mime-types
      xml-simple
    aws-sdk (1.3.4)
      httparty (~> 0.7)
      json (~> 1.4)
      nokogiri (>= 1.4.4)
      uuidtools (~> 2.1)
    bcrypt-ruby (3.0.1)
    braintree (2.13.4)
      builder (>= 2.0.0)
    builder (3.0.0)
    bullet (2.1.0)
      uniform_notifier (~> 1.0.0)
    cancan (1.6.7)
    capybara (1.1.2)
      mime-types (>= 1.16)
      nokogiri (>= 1.3.3)
      rack (>= 1.0.0)
      rack-test (>= 0.5.4)
      selenium-webdriver (~> 2.0)
      xpath (~> 0.1.4)
    childprocess (0.3.1)
      ffi (~> 1.0.6)
    cocaine (0.2.1)
    coderay (1.0.5)
    coffee-rails (3.1.1)
      coffee-script (>= 2.2.0)
      railties (~> 3.1.0)
    coffee-script (2.2.0)
      coffee-script-source
      execjs
    coffee-script-source (1.2.0)
    columnize (0.3.6)
    cucumber (1.1.8)
      builder (>= 2.1.2)
      diff-lcs (>= 1.1.2)
      gherkin (~> 2.8.0)
      json (>= 1.4.6)
      term-ansicolor (>= 1.0.6)
    cucumber-rails (1.3.0)
      capybara (>= 1.1.2)
      cucumber (>= 1.1.8)
      nokogiri (>= 1.5.0)
    daemons (1.0.10)
    dalli (1.1.4)
    database_cleaner (0.7.1)
    devise (1.5.3)
      bcrypt-ruby (~> 3.0)
      orm_adapter (~> 0.0.3)
      warden (~> 1.1)
    diff-lcs (1.1.3)
    erubis (2.7.0)
    execjs (1.3.0)
      multi_json (~> 1.0)
    factory_girl (2.6.0)
      activesupport (>= 2.3.9)
    factory_girl_rails (1.7.0)
      factory_girl (~> 2.6.0)
      railties (>= 3.0.0)
    faker (1.0.1)
      i18n (~> 0.4)
    faraday (0.7.6)
      addressable (~> 2.2)
      multipart-post (~> 1.1)
      rack (~> 1.1)
    faraday_middleware (0.7.0)
      faraday (~> 0.7.3)
    ffi (1.0.11)
    flying-sphinx (0.6.2)
      faraday_middleware (~> 0.7.0)
      multi_json (~> 1.0.1)
      net-ssh (>= 2.0.23)
      rash (~> 0.3.0)
      riddle (>= 1.5.0)
      thinking-sphinx
    gem_plugin (0.2.3)
    gherkin (2.8.0)
      json (>= 1.4.6)
    guard (1.0.0)
      ffi (>= 0.5.0)
      thor (~> 0.14.6)
    guard-coffeescript (0.5.4)
      coffee-script (>= 2.2.0)
      guard (>= 0.8.3)
    guard-sass (0.5.4)
      guard (>= 0.4.0)
      sass (>= 3.1)
    haml (3.1.4)
    haml-rails (0.3.4)
      actionpack (~> 3.0)
      activesupport (~> 3.0)
      haml (~> 3.0)
      railties (~> 3.0)
    has_scope (0.5.1)
    hashie (1.2.0)
    heroku (2.20.1)
      launchy (>= 0.3.2)
      rest-client (~> 1.6.1)
      rubyzip
      term-ansicolor (~> 1.0.5)
    heroku_san (1.3.0)
      heroku (>= 2)
      rails (>= 2)
    hike (1.2.1)
    hpricot (0.8.6)
    httparty (0.8.1)
      multi_json
      multi_xml
    i18n (0.6.0)
    inherited_resources (1.3.0)
      has_scope (~> 0.5.0)
      responders (~> 0.6.0)
    jquery-rails (1.0.19)
      railties (~> 3.0)
      thor (~> 0.14)
    json (1.6.5)
    launchy (2.0.5)
      addressable (~> 2.2.6)
    libv8 (3.3.10.4)
    linecache19 (0.5.12)
      ruby_core_source (>= 0.1.4)
    machinist (2.0)
    mail (2.3.0)
      i18n (>= 0.4.0)
      mime-types (~> 1.16)
      treetop (~> 1.4.8)
    method_source (0.7.0)
    mime-types (1.17.2)
    money (3.7.1)
      i18n (~> 0.4)
    mongrel (1.2.0.pre2)
      daemons (~> 1.0.10)
      gem_plugin (~> 0.2.3)
    multi_json (1.0.4)
    multi_xml (0.4.1)
    multipart-post (1.1.5)
    mynyml-redgreen (0.7.1)
      term-ansicolor (>= 1.0.4)
    nested_form (0.2.0)
    net-ssh (2.3.0)
    nokogiri (1.5.0)
    open4 (1.3.0)
    orm_adapter (0.0.6)
    paperclip (2.6.0)
      activerecord (>= 2.3.0)
      activesupport (>= 2.3.2)
      cocaine (>= 0.0.2)
      mime-types
    pg (0.13.1)
    pickle (0.4.10)
      cucumber (>= 0.8)
      rake
    polyglot (0.3.3)
    pry (0.9.8.2)
      coderay (~> 1.0.5)
      method_source (~> 0.7)
      slop (>= 2.4.4, < 3)
    rack (1.3.6)
    rack-cache (1.1)
      rack (>= 0.4)
    rack-mount (0.8.3)
      rack (>= 1.0.0)
    rack-ssl (1.3.2)
      rack
    rack-test (0.6.1)
      rack (>= 1.0)
    rails (3.1.3)
      actionmailer (= 3.1.3)
      actionpack (= 3.1.3)
      activerecord (= 3.1.3)
      activeresource (= 3.1.3)
      activesupport (= 3.1.3)
      bundler (~> 1.0)
      railties (= 3.1.3)
    rails3-generators (0.17.4)
      railties (>= 3.0.0)
    railties (3.1.3)
      actionpack (= 3.1.3)
      activesupport (= 3.1.3)
      rack-ssl (~> 1.3.2)
      rake (>= 0.8.7)
      rdoc (~> 3.4)
      thor (~> 0.14.6)
    rake (0.9.2.2)
    rash (0.3.2)
      hashie (~> 1.2.0)
    rdoc (3.12)
      json (~> 1.4)
    responders (0.6.5)
    rest-client (1.6.7)
      mime-types (>= 1.16)
    riddle (1.5.1)
    rmagick (2.13.1)
    rspec (2.8.0)
      rspec-core (~> 2.8.0)
      rspec-expectations (~> 2.8.0)
      rspec-mocks (~> 2.8.0)
    rspec-core (2.8.0)
    rspec-expectations (2.8.0)
      diff-lcs (~> 1.1.2)
    rspec-mocks (2.8.0)
    rspec-rails (2.8.1)
      actionpack (>= 3.0)
      activesupport (>= 3.0)
      railties (>= 3.0)
      rspec (~> 2.8.0)
    ruby-debug-base19 (0.11.25)
      columnize (>= 0.3.1)
      linecache19 (>= 0.5.11)
      ruby_core_source (>= 0.1.4)
    ruby-debug19 (0.11.6)
      columnize (>= 0.3.1)
      linecache19 (>= 0.5.11)
      ruby-debug-base19 (>= 0.11.19)
    ruby_core_source (0.1.5)
      archive-tar-minitar (>= 0.5.2)
    ruby_parser (2.3.1)
      sexp_processor (~> 3.0)
    rubyzip (0.9.6.1)
    sass (3.1.15)
    sass-rails (3.1.5)
      actionpack (~> 3.1.0)
      railties (~> 3.1.0)
      sass (~> 3.1.10)
      tilt (~> 1.3.2)
    selenium-webdriver (2.19.0)
      childprocess (>= 0.2.5)
      ffi (~> 1.0.9)
      multi_json (~> 1.0.4)
      rubyzip
    sexp_processor (3.0.10)
    sham (1.0.2)
    shoulda (2.11.3)
    simple_form (1.5.2)
      actionpack (~> 3.0)
      activemodel (~> 3.0)
    simple_oauth (0.1.5)
    slop (2.4.4)
    spork (0.9.0.rc9)
    sprockets (2.0.3)
      hike (~> 1.2)
      rack (~> 1.0)
      tilt (~> 1.1, != 1.3.0)
    sqlite3 (1.3.5)
    term-ansicolor (1.0.7)
    therubyracer (0.9.10)
      libv8 (~> 3.3.10)
    thinking-sphinx (2.0.10)
      activerecord (>= 3.0.3)
      builder (>= 2.1.2)
      riddle (>= 1.5.0)
    thor (0.14.6)
    tilt (1.3.3)
    treetop (1.4.10)
      polyglot
      polyglot (>= 0.3.1)
    twitter (2.1.0)
      activesupport (>= 2.3.9, < 4)
      faraday (~> 0.7)
      multi_json (~> 1.0)
      simple_oauth (~> 0.1)
    tzinfo (0.3.31)
    uglifier (1.2.3)
      execjs (>= 0.3.0)
      multi_json (>= 1.0.2)
    uniform_notifier (1.0.1)
    uuidtools (2.1.2)
    warden (1.1.1)
      rack (>= 1.0)
    will_paginate (3.0.3)
    xml-simple (1.1.1)
    xpath (0.1.4)
      nokogiri (~> 1.3)
    yui-compressor (0.9.6)
      POpen4 (>= 0.1.4)

PLATFORMS
  ruby

DEPENDENCIES
  active_utils
  activemerchant (>= 1.20.1)
  authorize-net (>= 1.5.2)
  awesome_print
  aws-s3
  aws-sdk (~> 1.3.4)
  bullet
  cancan (>= 1.6.7)
  capybara (>= 1.1.2)
  coffee-rails (~> 3.1.1)
  cucumber (>= 1.1.4)
  cucumber-rails (>= 1.2.1)
  dalli
  database_cleaner (>= 0.7.0)
  devise (~> 1.5.3)
  execjs
  factory_girl_rails (>= 1.5.0)
  faker
  flying-sphinx (>= 0.6.2)
  guard-coffeescript
  guard-sass
  haml
  haml-rails (>= 0.3.4)
  heroku_san
  hpricot (>= 0.8.5)
  inherited_resources (>= 1.3.0)
  jquery-rails
  json
  launchy (>= 2.0.5)
  machinist (>= 2.0)
  mail
  money
  mongrel (= 1.2.0.pre2)
  mynyml-redgreen
  nested_form
  nokogiri
  paperclip (>= 2.4.5)
  pg
  pickle
  pry
  rails (>= 3.1.3)
  rails3-generators
  rmagick
  rspec-rails (>= 2.8.1)
  ruby-debug19
  ruby_parser (>= 2.3.1)
  sass-rails (~> 3.1.5)
  sham (>= 1.0.2)
  shoulda
  simple_form
  spork (~> 0.9.0.rc)
  sqlite3
  therubyracer
  thinking-sphinx (= 2.0.10)
  twitter
  uglifier (>= 1.0.3)
  will_paginate (>= 3.0.pre4)
  yui-compressor (>= 0.9.6)
